GIT
  remote: https://github.com/citation-style-language/Sheldon.git
  revision: 09d0daebe0b6c76ccf9963f86e2e966b28a3ef46
  specs:
    sheldon (1.0.2)
      citeproc-ruby
      csl-styles
      diffy
      dotenv
      nokogiri
      ostruct
      reverse_markdown

GEM
  remote: https://rubygems.org/
  specs:
    citeproc (1.0.9)
      namae (~> 1.0)
    citeproc-ruby (1.1.10)
      citeproc (~> 1.0, >= 1.0.9)
      csl (~> 1.5)
    csl (1.5.0)
      namae (~> 1.0)
    csl-styles (1.0.1.9)
      csl (~> 1.0)
    diff-lcs (1.3)
    diffy (3.3.0)
    dotenv (2.7.5)
    fuubar (2.4.1)
      rspec-core (~> 3.0)
      ruby-progressbar (~> 1.4)
    mini_portile2 (2.4.0)
    namae (1.0.1)
    nokogiri (1.10.3)
      mini_portile2 (~> 2.4.0)
    ostruct (0.1.0)
    rake (12.3.3)
    reverse_markdown (1.1.0)
      nokogiri
    rspec (3.8.0)
      rspec-core (~> 3.8.0)
      rspec-expectations (~> 3.8.0)
      rspec-mocks (~> 3.8.0)
    rspec-core (3.8.2)
      rspec-support (~> 3.8.0)
    rspec-expectations (3.8.4)
      diff-lcs (>= 1.2.0, < 2.0)
      rspec-support (~> 3.8.0)
    rspec-mocks (3.8.1)
      diff-lcs (>= 1.2.0, < 2.0)
      rspec-support (~> 3.8.0)
    rspec-support (3.8.2)
    ruby-progressbar (1.10.1)

PLATFORMS
  ruby

DEPENDENCIES
  csl (~> 1.0)
  fuubar
  nokogiri
  rake
  rspec
  sheldon!

RUBY VERSION
   ruby 2.5.3p105

BUNDLED WITH
   1.17.3
