GIT
  remote: https://github.com/citation-style-language/Sheldon.git
  revision: c2cc508c57157ee7d00948e24c46e10e3f319d57
  specs:
    sheldon (1.0.2)
      citeproc-ruby
      csl-styles
      diffy
      dotenv
      nokogiri
      ostruct
      reverse_markdown

GEM
  remote: https://rubygems.org/
  specs:
    citeproc (1.0.9)
      namae (~> 1.0)
    citeproc-ruby (1.1.10)
      citeproc (~> 1.0, >= 1.0.9)
      csl (~> 1.5)
    csl (1.5.0)
      namae (~> 1.0)
    csl-styles (1.0.1.9)
      csl (~> 1.0)
    diff-lcs (1.3)
    diffy (3.3.0)
    dotenv (2.7.5)
    fuubar (2.5.0)
      rspec-core (~> 3.0)
      ruby-progressbar (~> 1.4)
    mini_portile2 (2.4.0)
    namae (1.0.1)
    nokogiri (1.10.8)
      mini_portile2 (~> 2.4.0)
    ostruct (0.1.0)
    rake (13.0.1)
    reverse_markdown (1.3.0)
      nokogiri
    rspec (3.9.0)
      rspec-core (~> 3.9.0)
      rspec-expectations (~> 3.9.0)
      rspec-mocks (~> 3.9.0)
    rspec-core (3.9.0)
      rspec-support (~> 3.9.0)
    rspec-expectations (3.9.0)
      diff-lcs (>= 1.2.0, < 2.0)
      rspec-support (~> 3.9.0)
    rspec-mocks (3.9.0)
      diff-lcs (>= 1.2.0, < 2.0)
      rspec-support (~> 3.9.0)
    rspec-support (3.9.0)
    ruby-progressbar (1.10.1)

PLATFORMS
  ruby

DEPENDENCIES
  csl (~> 1.1)
  fuubar
  nokogiri
  rake
  rspec
  sheldon!

RUBY VERSION
   ruby 2.6.3p62

BUNDLED WITH
   1.17.3
